GEM
  remote: https://rubygems.org/
  specs:
    bson (4.2.2)
    byebug (9.1.0)
    domain_name (0.5.20170404)
      unf (>= 0.0.5, < 1.0.0)
    down (4.2.0)
    http-cookie (1.0.3)
      domain_name (~> 0.5)
    image_proc (2.1.1)
    mime-types (3.1)
      mime-types-data (~> 3.2015)
    mime-types-data (3.2016.0521)
    mongo (2.4.3)
      bson (>= 4.2.1, < 5.0.0)
    mustermann (1.0.1)
    netrc (0.11.0)
    rack (2.0.3)
    rack-protection (2.0.0)
      rack
    rest-client (2.0.2)
      http-cookie (>= 1.0.2, < 2.0)
      mime-types (>= 1.16, < 4.0)
      netrc (~> 0.8)
    sinatra (2.0.0)
      mustermann (~> 1.0)
      rack (~> 2.0)
      rack-protection (= 2.0.0)
      tilt (~> 2.0)
    tilt (2.0.8)
    unf (0.1.4)
      unf_ext
    unf_ext (0.0.7.4)

PLATFORMS
  ruby

DEPENDENCIES
  byebug!
  down!
  image_proc!
  mongo!
  rest-client!
  sinatra!

BUNDLED WITH
   1.15.4
